GIT
  remote: https://github.com/kern/minitest-reporters.git
  revision: 466b060a906298148836e368916aee930d28f618
  specs:
    minitest-reporters (1.5.0)
      ansi
      builder
      minitest (>= 5.0)
      ruby-progressbar

GEM
  remote: https://rubygems.org/
  specs:
    activesupport (6.1.6)
      concurrent-ruby (~> 1.0, >= 1.0.2)
      i18n (>= 1.6, < 2)
      minitest (>= 5.1)
      tzinfo (~> 2.0)
      zeitwerk (~> 2.3)
    ansi (1.5.0)
    builder (3.2.4)
    coderay (1.1.3)
    concurrent-ruby (1.1.10)
    i18n (1.10.0)
      concurrent-ruby (~> 1.0)
    method_source (1.0.0)
    minitest (5.15.0)
    pry (0.13.1)
      coderay (~> 1.1)
      method_source (~> 1.0)
    rake (13.0.6)
    ruby-progressbar (1.11.0)
    tzinfo (2.0.4)
      concurrent-ruby (~> 1.0)
    zeitwerk (2.5.4)

PLATFORMS
  mswin64
  ruby
  x64-mingw32

DEPENDENCIES
  activesupport (~> 6.0, >= 6.0.3.2)
  minitest (~> 5.14, >= 5.14.1)
  minitest-reporters!
  pry (~> 0.13.1)
  rake (~> 13.0, >= 13.0.1)

RUBY VERSION
   ruby 3.1.2p20

BUNDLED WITH
   2.1.4
